GEM
  remote: https://rubygems.org/
  specs:
    json (1.5.3)

PLATFORMS
  ruby

DEPENDENCIES
  json (= 1.5.3)
